GEM
  remote: https://rubygems.org/
  specs:
    activemodel (4.1.10)
      activesupport (= 4.1.10)
      builder (~> 3.1)
    activerecord (4.1.10)
      activemodel (= 4.1.10)
      activesupport (= 4.1.10)
      arel (~> 5.0.0)
    activerecord-jdbc-adapter (1.3.16)
      activerecord (>= 2.2)
    activerecord-jdbcmssql-adapter (1.3.16)
      activerecord-jdbc-adapter (~> 1.3.16)
      jdbc-jtds (>= 1.2.7)
    activesupport (4.1.10)
      i18n (~> 0.6, >= 0.6.9)
      json (~> 1.7, >= 1.7.7)
      minitest (~> 5.1)
      thread_safe (~> 0.1)
      tzinfo (~> 1.1)
    arel (5.0.1.20140414130214)
    builder (3.2.2)
    i18n (0.7.0)
    jdbc-jtds (1.3.1)
    json (1.8.3-java)
    minitest (5.7.0)
    thread_safe (0.3.5-java)
    tzinfo (1.2.2)
      thread_safe (~> 0.1)

PLATFORMS
  java

DEPENDENCIES
  activerecord (~> 4.1.6)
  activerecord-jdbcmssql-adapter
